GEM
  remote: https://rubygems.org/
  specs:
    byebug (11.0.1)
    daemons (1.3.1)
    elasticsearch (6.3.0)
      elasticsearch-api (= 6.3.0)
      elasticsearch-transport (= 6.3.0)
    elasticsearch-api (6.3.0)
      multi_json
    elasticsearch-transport (6.3.0)
      faraday
      multi_json
    eventmachine (1.2.7)
    execjs (2.7.0)
    faraday (0.15.4)
      multipart-post (>= 1.2, < 3)
    multi_json (1.13.1)
    multipart-post (2.0.0)
    mustache (1.1.0)
    mustermann (2.0.2)
      ruby2_keywords (~> 0.0.1)
    rack (2.2.4)
    rack-protection (2.2.3)
      rack
    rake (12.3.2)
    ruby2_keywords (0.0.5)
    sinatra (2.2.3)
      mustermann (~> 2.0)
      rack (~> 2.2)
      rack-protection (= 2.2.3)
      tilt (~> 2.0)
    sinatra-contrib (2.2.3)
      multi_json
      mustermann (~> 2.0)
      rack-protection (= 2.2.3)
      sinatra (= 2.2.3)
      tilt (~> 2.0)
    thin (1.7.2)
      daemons (~> 1.0, >= 1.0.9)
      eventmachine (~> 1.0, >= 1.0.4)
      rack (>= 1, < 3)
    tilt (2.0.11)
    uglifier (4.1.20)
      execjs (>= 0.3.0, < 3)

PLATFORMS
  ruby

DEPENDENCIES
  byebug
  elasticsearch
  mustache
  rake
  sinatra
  sinatra-contrib
  thin
  uglifier

BUNDLED WITH
   2.0.1
